GEM
  remote: https://rubygems.org/
  specs:
    bson (4.7.1)
    google-protobuf (3.11.3)
    googleapis-common-protos-types (1.0.4)
      google-protobuf (~> 3.0)
    grpc (1.27.0)
      google-protobuf (~> 3.11)
      googleapis-common-protos-types (~> 1.0)
    grpc-tools (1.27.0)
    mongo (2.11.3)
      bson (>= 4.4.2, < 5.0.0)
    power_assert (1.1.5)
    test-unit (3.3.5)
      power_assert

PLATFORMS
  ruby

DEPENDENCIES
  grpc
  grpc-tools
  mongo
  test-unit

BUNDLED WITH
   1.16.0.pre.3
